PATH
  remote: .
  specs:
    twitch (0.0.2)
      curb
      json

GEM
  remote: http://rubygems.org/
  specs:
    curb (0.8.5)
    diff-lcs (1.2.4)
    json (1.8.1)
    rspec (2.14.1)
      rspec-core (~> 2.14.0)
      rspec-expectations (~> 2.14.0)
      rspec-mocks (~> 2.14.0)
    rspec-core (2.14.6)
    rspec-expectations (2.14.3)
      diff-lcs (>= 1.1.3, < 2.0)
    rspec-mocks (2.14.4)

PLATFORMS
  ruby

DEPENDENCIES
  rspec
  twitch!
