PATH
  remote: .
  specs:
    twitch (0.0.1)
      curb
      json

GEM
  remote: http://rubygems.org/
  specs:
    curb (0.8.3)
    diff-lcs (1.1.3)
    json (1.7.6)
    rspec (2.12.0)
      rspec-core (~> 2.12.0)
      rspec-expectations (~> 2.12.0)
      rspec-mocks (~> 2.12.0)
    rspec-core (2.12.2)
    rspec-expectations (2.12.1)
      diff-lcs (~> 1.1.3)
    rspec-mocks (2.12.2)

PLATFORMS
  ruby

DEPENDENCIES
  rspec
  twitch!
