PATH
  remote: .
  specs:
    twitch (0.0.3)
      curb
      json

GEM
  specs:
    curb (0.8.6)
    diff-lcs (1.2.5)
    json (1.8.1)
    rspec (3.0.0)
      rspec-core (~> 3.0.0)
      rspec-expectations (~> 3.0.0)
      rspec-mocks (~> 3.0.0)
    rspec-core (3.0.3)
      rspec-support (~> 3.0.0)
    rspec-expectations (3.0.3)
      diff-lcs (>= 1.2.0, < 2.0)
      rspec-support (~> 3.0.0)
    rspec-mocks (3.0.3)
      rspec-support (~> 3.0.0)
    rspec-support (3.0.3)

PLATFORMS
  ruby

DEPENDENCIES
  rspec
  twitch!
